GEM
  remote: https://rubygems.org/
  specs:
    addressable (2.8.3)
      public_suffix (>= 2.0.2, < 6.0)
    concurrent-ruby (1.2.2)
    ethon (0.16.0)
      ffi (>= 1.15.0)
    ffi (1.15.5)
    ffi (1.15.5-x64-mingw32)
    html-proofer (3.19.4)
      addressable (~> 2.3)
      mercenary (~> 0.3)
      nokogiri (~> 1.13)
      parallel (~> 1.10)
      rainbow (~> 3.0)
      typhoeus (~> 1.3)
      yell (~> 2.0)
    mercenary (0.4.0)
    nokogiri (1.14.2-x64-mingw32)
      racc (~> 1.4)
    nokogiri (1.14.2-x86_64-linux)
      racc (~> 1.4)
    parallel (1.22.1)
    public_suffix (5.0.1)
    racc (1.6.2)
    rainbow (3.1.1)
    typhoeus (1.4.0)
      ethon (>= 0.9.0)
    tzinfo (2.0.6)
      concurrent-ruby (~> 1.0)
    tzinfo-data (1.2023.3)
      tzinfo (>= 1.0.0)
    wdm (0.1.1)
    yell (2.2.2)

PLATFORMS
  x64-mingw32
  x86_64-linux

DEPENDENCIES
  html-proofer (~> 3.18)
  http_parser.rb (~> 0.6.0)
  tzinfo (>= 1, < 3)
  tzinfo-data
  wdm (~> 0.1.1)

BUNDLED WITH
   2.4.10
